GEM
  remote: https://rubygems.org/
  specs:
    actioncable (6.1.4.1)
      actionpack (= 6.1.4.1)
      activesupport (= 6.1.4.1)
      nio4r (~> 2.0)
      websocket-driver (>= 0.6.1)
    actionmailbox (6.1.4.1)
      actionpack (= 6.1.4.1)
      activejob (= 6.1.4.1)
      activerecord (= 6.1.4.1)
      activestorage (= 6.1.4.1)
      activesupport (= 6.1.4.1)
      mail (>= 2.7.1)
    actionmailer (6.1.4.1)
      actionpack (= 6.1.4.1)
      actionview (= 6.1.4.1)
      activejob (= 6.1.4.1)
      activesupport (= 6.1.4.1)
      mail (~> 2.5, >= 2.5.4)
      rails-dom-testing (~> 2.0)
    actionpack (6.1.4.1)
      actionview (= 6.1.4.1)
      activesupport (= 6.1.4.1)
      rack (~> 2.0, >= 2.0.9)
      rack-test (>= 0.6.3)
      rails-dom-testing (~> 2.0)
      rails-html-sanitizer (~> 1.0, >= 1.2.0)
    actiontext (6.1.4.1)
      actionpack (= 6.1.4.1)
      activerecord (= 6.1.4.1)
      activestorage (= 6.1.4.1)
      activesupport (= 6.1.4.1)
      nokogiri (>= 1.8.5)
    actionview (6.1.4.1)
      activesupport (= 6.1.4.1)
      builder (~> 3.1)
      erubi (~> 1.4)
      rails-dom-testing (~> 2.0)
      rails-html-sanitizer (~> 1.1, >= 1.2.0)
    activejob (6.1.4.1)
      activesupport (= 6.1.4.1)
      globalid (>= 0.3.6)
    activemodel (6.1.4.1)
      activesupport (= 6.1.4.1)
    activerecord (6.1.4.1)
      activemodel (= 6.1.4.1)
      activesupport (= 6.1.4.1)
    activestorage (6.1.4.1)
      actionpack (= 6.1.4.1)
      activejob (= 6.1.4.1)
      activerecord (= 6.1.4.1)
      activesupport (= 6.1.4.1)
      marcel (~> 1.0.0)
      mini_mime (>= 1.1.0)
    activesupport (6.1.4.1)
      concurrent-ruby (~> 1.0, >= 1.0.2)
      i18n (>= 1.6, < 2)
      minitest (>= 5.1)
      tzinfo (~> 2.0)
      zeitwerk (~> 2.3)
    ast (2.4.2)
    babel-source (5.8.35)
    babel-transpiler (0.7.0)
      babel-source (>= 4.0, < 6)
      execjs (~> 2.0)
    bindex (0.8.1)
    bootsnap (1.9.0)
      msgpack (~> 1.0)
    builder (3.2.4)
    byebug (11.1.3)
    concurrent-ruby (1.1.9)
    connection_pool (2.2.5)
    crass (1.0.6)
    erubi (1.10.0)
    execjs (2.8.1)
    ffi (1.15.4)
    foreman (0.87.2)
    globalid (0.5.2)
      activesupport (>= 5.0)
    hyper-component (1.0.alpha1.8)
      hyper-state (= 1.0.alpha1.8)
      hyperstack-config (= 1.0.alpha1.8)
      opal-activesupport (~> 0.3.1)
      react-rails (>= 2.4.0, < 2.5.0)
    hyper-model (1.0.alpha1.8)
      activemodel
      activerecord (>= 4.0.0)
      hyper-operation (= 1.0.alpha1.8)
    hyper-operation (1.0.alpha1.8)
      activerecord (>= 4.0.0)
      hyper-component (= 1.0.alpha1.8)
      mutations
      opal-activesupport (~> 0.3.1)
      tty-table
    hyper-router (1.0.alpha1.8)
      hyper-component (= 1.0.alpha1.8)
      hyper-state (= 1.0.alpha1.8)
      opal-browser (~> 0.2.0)
    hyper-state (1.0.alpha1.8)
      hyperstack-config (= 1.0.alpha1.8)
    hyperstack-config (1.0.alpha1.8)
      listen (~> 3.0)
      opal (>= 0.11.0, < 2.0)
      opal-browser (~> 0.2.0)
      uglifier
      websocket
    i18n (1.8.10)
      concurrent-ruby (~> 1.0)
    jbuilder (2.11.2)
      activesupport (>= 5.0.0)
    listen (3.7.0)
      rb-fsevent (~> 0.10, >= 0.10.3)
      rb-inotify (~> 0.9, >= 0.9.10)
    loofah (2.12.0)
      crass (~> 1.0.2)
      nokogiri (>= 1.5.9)
    mail (2.7.1)
      mini_mime (>= 0.1.1)
    marcel (1.0.1)
    method_source (1.0.0)
    mini_mime (1.1.1)
    mini_portile2 (2.6.1)
    minitest (5.14.4)
    msgpack (1.4.2)
    mutations (0.9.1)
      activesupport
    nio4r (2.5.8)
    nokogiri (1.12.4)
      mini_portile2 (~> 2.6.1)
      racc (~> 1.4)
    opal (1.2.0)
      ast (>= 2.3.0)
      parser (~> 3.0)
    opal-activesupport (0.3.3)
      opal (>= 0.5.0, < 2)
    opal-browser (0.2.0)
      opal
      paggio
    opal-rails (2.0.1)
      opal (~> 1.0)
      opal-sprockets (~> 1.0)
      rails (>= 6.0, < 7)
      sprockets-rails (>= 3.0)
    opal-sprockets (1.0.2)
      opal (>= 1.0, < 2.0)
      sprockets (~> 4.0)
      tilt (>= 1.4)
    paggio (0.2.6)
    parser (3.0.2.0)
      ast (~> 2.4.1)
    pastel (0.8.0)
      tty-color (~> 0.5)
    puma (5.4.0)
      nio4r (~> 2.0)
    racc (1.5.2)
    rack (2.2.3)
    rack-mini-profiler (2.3.3)
      rack (>= 1.2.0)
    rack-proxy (0.7.0)
      rack
    rack-test (1.1.0)
      rack (>= 1.0, < 3)
    rails (6.1.4.1)
      actioncable (= 6.1.4.1)
      actionmailbox (= 6.1.4.1)
      actionmailer (= 6.1.4.1)
      actionpack (= 6.1.4.1)
      actiontext (= 6.1.4.1)
      actionview (= 6.1.4.1)
      activejob (= 6.1.4.1)
      activemodel (= 6.1.4.1)
      activerecord (= 6.1.4.1)
      activestorage (= 6.1.4.1)
      activesupport (= 6.1.4.1)
      bundler (>= 1.15.0)
      railties (= 6.1.4.1)
      sprockets-rails (>= 2.0.0)
    rails-dom-testing (2.0.3)
      activesupport (>= 4.2.0)
      nokogiri (>= 1.6)
    rails-html-sanitizer (1.4.2)
      loofah (~> 2.3)
    rails-hyperstack (1.0.alpha1.8)
      hyper-model (= 1.0.alpha1.8)
      hyper-router (= 1.0.alpha1.8)
      hyperstack-config (= 1.0.alpha1.8)
      opal-browser (~> 0.2.0)
      opal-rails
      rails (>= 5.0.0, < 7.0)
      react-rails (>= 2.4.0, < 2.5.0)
    railties (6.1.4.1)
      actionpack (= 6.1.4.1)
      activesupport (= 6.1.4.1)
      method_source
      rake (>= 0.13)
      thor (~> 1.0)
    rake (13.0.6)
    rb-fsevent (0.11.0)
    rb-inotify (0.10.1)
      ffi (~> 1.0)
    react-rails (2.4.7)
      babel-transpiler (>= 0.7.0)
      connection_pool
      execjs
      railties (>= 3.2)
      tilt
    sass-rails (6.0.0)
      sassc-rails (~> 2.1, >= 2.1.1)
    sassc (2.4.0)
      ffi (~> 1.9)
    sassc-rails (2.1.2)
      railties (>= 4.0.0)
      sassc (>= 2.0)
      sprockets (> 3.0)
      sprockets-rails
      tilt
    semantic_range (3.0.0)
    spring (3.0.0)
    sprockets (4.0.2)
      concurrent-ruby (~> 1.0)
      rack (> 1, < 3)
    sprockets-rails (3.2.2)
      actionpack (>= 4.0)
      activesupport (>= 4.0)
      sprockets (>= 3.0.0)
    sqlite3 (1.4.2)
    strings (0.2.1)
      strings-ansi (~> 0.2)
      unicode-display_width (>= 1.5, < 3.0)
      unicode_utils (~> 1.4)
    strings-ansi (0.2.0)
    thor (1.1.0)
    tilt (2.0.10)
    tty-color (0.6.0)
    tty-screen (0.8.1)
    tty-table (0.12.0)
      pastel (~> 0.8)
      strings (~> 0.2.0)
      tty-screen (~> 0.8)
    turbolinks (5.2.1)
      turbolinks-source (~> 5.2)
    turbolinks-source (5.2.0)
    tzinfo (2.0.4)
      concurrent-ruby (~> 1.0)
    uglifier (4.2.0)
      execjs (>= 0.3.0, < 3)
    unicode-display_width (2.0.0)
    unicode_utils (1.4.0)
    web-console (4.1.0)
      actionview (>= 6.0.0)
      activemodel (>= 6.0.0)
      bindex (>= 0.4.0)
      railties (>= 6.0.0)
    webpacker (5.4.3)
      activesupport (>= 5.2)
      rack-proxy (>= 0.6.1)
      railties (>= 5.2)
      semantic_range (>= 2.3.0)
    websocket (1.2.9)
    websocket-driver (0.7.5)
      websocket-extensions (>= 0.1.0)
    websocket-extensions (0.1.5)
    zeitwerk (2.4.2)

PLATFORMS
  ruby

DEPENDENCIES
  bootsnap (>= 1.4.4)
  byebug
  foreman
  jbuilder (~> 2.7)
  listen (~> 3.3)
  puma (~> 5.0)
  rack-mini-profiler (~> 2.0)
  rails (~> 6.1.4, >= 6.1.4.1)
  rails-hyperstack (~> 1.0.alpha1.0)
  sass-rails (>= 6)
  spring
  sqlite3 (~> 1.4)
  turbolinks (~> 5)
  tzinfo-data
  web-console (>= 4.1.0)
  webpacker (~> 5.0)

RUBY VERSION
   ruby 2.7.2p137

BUNDLED WITH
   2.1.4
